PATH
  remote: .
  specs:
    ori_dtext (2.0.0)

GEM
  remote: https://rubygems.org/
  specs:
    benchmark-ips (2.12.0)
    cgi (0.3.6)
    minitest (5.18.0)
    nokogiri (1.14.2-x86_64-darwin)
      racc (~> 1.4)
    racc (1.6.2)
    rake (13.0.6)
    rake-compiler (1.2.1)
      rake

PLATFORMS
  x86_64-darwin-21

DEPENDENCIES
  benchmark-ips (~> 2.10)
  cgi (~> 0.3)
  minitest (~> 5.15)
  nokogiri (~> 1)
  ori_dtext!
  rake (~> 13)
  rake-compiler (~> 1.1)

BUNDLED WITH
   2.4.8
